PATH
  remote: .
  specs:
    classnamer (3.0.0)

GEM
  remote: https://rubygems.org/
  specs:
    minitest (5.0.6)

PLATFORMS
  ruby

DEPENDENCIES
  bundler (= 1.3.5)
  classnamer!
  minitest (= 5.0.6)
